GEM
  remote: https://rubygems.org/
  specs:
    flexmock (1.3.3)
    json (1.8.1)
    redis (3.1.0)

PLATFORMS
  ruby

DEPENDENCIES
  flexmock (~> 1.3)
  json (~> 1.8)
  redis (~> 3.1)
