GEM
  remote: https://rubygems.org/
  specs:
    json (1.8.1)
    metaclass (0.0.4)
    mocha (1.1.0)
      metaclass (~> 0.0.1)
    redis (3.1.0)

PLATFORMS
  ruby

DEPENDENCIES
  json
  mocha (~> 1.1)
  redis (~> 3.1)
