GEM
  remote: https://rubygems.org/
  specs:
    codeclimate-test-reporter (0.4.4)
      simplecov (>= 0.7.1, < 1.0.0)
    connection_pool (2.1.0)
    docile (1.1.5)
    json (1.8.1)
    metaclass (0.0.4)
    mimemagic (0.2.1)
    mocha (1.1.0)
      metaclass (~> 0.0.1)
    multi_json (1.10.1)
    multipart-post (2.0.0)
    rake (10.3.2)
    redis (3.1.0)
    simplecov (0.9.1)
      docile (~> 1.1.0)
      multi_json (~> 1.0)
      simplecov-html (~> 0.8.0)
    simplecov-html (0.8.0)

PLATFORMS
  ruby

DEPENDENCIES
  codeclimate-test-reporter
  connection_pool (~> 2.1)
  json (~> 1.8)
  mimemagic (~> 0.2)
  mocha (~> 1.1)
  multipart-post (~> 2.0)
  rake (~> 10.3)
  redis (~> 3.1)
